GIT
  remote: https://github.com/hudmol/map_validator.git
  revision: 739e1135a499969bef8601a5dfbaa770446550d3
  branch: master
  specs:
    map_validator (0.0.1)
      roo (= 2.8.2)

GEM
  remote: https://rubygems.org/
  specs:
    backports (3.15.0)
    bcrypt (3.1.12-java)
    fishwife (1.10.1-java)
      rack (>= 1.6.4, < 2.1)
      rjack-jetty (>= 9.2.11, < 9.5)
      rjack-slf4j (~> 1.7.2)
    jdbc-mysql (5.1.47)
    json (2.2.0-java)
    multi_json (1.13.1)
    mustermann (1.0.3)
    nokogiri (1.10.3-java)
    rack (2.0.7)
    rack-protection (2.0.5)
      rack
    rjack-jetty (9.4.14.0-java)
    rjack-logback (1.9.0-java)
      rjack-slf4j (~> 1.7.16)
    rjack-slf4j (1.7.25.0-java)
    roo (2.8.2)
      nokogiri (~> 1)
      rubyzip (>= 1.2.1, < 2.0.0)
    rubyzip (1.2.3)
    sequel (5.19.0)
    sinatra (2.0.5)
      mustermann (~> 1.0)
      rack (~> 2.0)
      rack-protection (= 2.0.5)
      tilt (~> 2.0)
    sinatra-contrib (2.0.5)
      backports (>= 2.8.2)
      multi_json
      mustermann (~> 1.0)
      rack-protection (= 2.0.5)
      sinatra (= 2.0.5)
      tilt (>= 1.3, < 3)
    tilt (2.0.9)

PLATFORMS
  java

DEPENDENCIES
  bcrypt (= 3.1.12)
  fishwife (= 1.10.1)
  jdbc-mysql (= 5.1.47)
  json (= 2.2.0)
  map_validator!
  rjack-logback (= 1.9.0)
  sequel (= 5.19.0)
  sinatra (= 2.0.5)
  sinatra-contrib (= 2.0.5)

BUNDLED WITH
   2.0.1
