GIT
  remote: https://github.com/hudmol/map_validator.git
  revision: 3fd1b2b25cb94c3581f0ce8ee64f498f21ec7f89
  branch: master
  specs:
    map_validator (0.0.1)

GEM
  remote: https://rubygems.org/
  specs:
    backports (3.14.0)
    bcrypt (3.1.12-java)
    fishwife (1.10.1-java)
      rack (>= 1.6.4, < 2.1)
      rjack-jetty (>= 9.2.11, < 9.5)
      rjack-slf4j (~> 1.7.2)
    jdbc-mysql (5.1.47)
    json (2.2.0-java)
    multi_json (1.13.1)
    mustermann (1.0.3)
    rack (2.0.7)
    rack-protection (2.0.5)
      rack
    rjack-jetty (9.4.14.0-java)
    rjack-logback (1.9.0-java)
      rjack-slf4j (~> 1.7.16)
    rjack-slf4j (1.7.25.0-java)
    sequel (5.19.0)
    sinatra (2.0.5)
      mustermann (~> 1.0)
      rack (~> 2.0)
      rack-protection (= 2.0.5)
      tilt (~> 2.0)
    sinatra-contrib (2.0.5)
      backports (>= 2.8.2)
      multi_json
      mustermann (~> 1.0)
      rack-protection (= 2.0.5)
      sinatra (= 2.0.5)
      tilt (>= 1.3, < 3)
    tilt (2.0.9)

PLATFORMS
  java

DEPENDENCIES
  bcrypt (= 3.1.12)
  fishwife (= 1.10.1)
  jdbc-mysql (= 5.1.47)
  json (= 2.2.0)
  map_validator!
  rjack-logback (= 1.9.0)
  sequel (= 5.19.0)
  sinatra (= 2.0.5)
  sinatra-contrib (= 2.0.5)

BUNDLED WITH
   2.0.1
